PATH
  remote: .
  specs:
    piet (0.2.6)
      png_quantizator

GEM
  remote: http://rubygems.org/
  specs:
    ZenTest (4.11.1)
    activemodel (6.1.1)
      activesupport (= 6.1.1)
    activesupport (6.1.1)
      concurrent-ruby (~> 1.0, >= 1.0.2)
      i18n (>= 1.6, < 2)
      minitest (>= 5.1)
      tzinfo (~> 2.0)
      zeitwerk (~> 2.3)
    addressable (2.7.0)
      public_suffix (>= 2.0.2, < 5.0)
    carrierwave (2.1.1)
      activemodel (>= 5.0.0)
      activesupport (>= 5.0.0)
      addressable (~> 2.6)
      image_processing (~> 1.1)
      mimemagic (>= 0.3.0)
      mini_mime (>= 0.1.3)
      ssrf_filter (~> 1.0)
    concurrent-ruby (1.1.8)
    diff-lcs (1.3)
    ffi (1.14.2)
    i18n (1.8.8)
      concurrent-ruby (~> 1.0)
    image_processing (1.7.1)
      mini_magick (~> 4.0)
      ruby-vips (>= 2.0.13, < 3)
    mimemagic (0.3.5)
    mini_magick (4.6.0)
    mini_mime (1.0.2)
    minitest (5.14.3)
    png_quantizator (0.2.1)
    public_suffix (4.0.6)
    rake (12.0.0)
    rmagick (2.16.0)
    rspec (3.5.0)
      rspec-core (~> 3.5.0)
      rspec-expectations (~> 3.5.0)
      rspec-mocks (~> 3.5.0)
    rspec-core (3.5.4)
      rspec-support (~> 3.5.0)
    rspec-expectations (3.5.0)
      diff-lcs (>= 1.2.0, < 2.0)
      rspec-support (~> 3.5.0)
    rspec-mocks (3.5.0)
      diff-lcs (>= 1.2.0, < 2.0)
      rspec-support (~> 3.5.0)
    rspec-support (3.5.0)
    ruby-vips (2.0.17)
      ffi (~> 1.9)
    ssrf_filter (1.0.7)
    tzinfo (2.0.4)
      concurrent-ruby (~> 1.0)
    zeitwerk (2.4.2)

PLATFORMS
  ruby

DEPENDENCIES
  ZenTest
  carrierwave
  mini_magick
  piet!
  rake
  rmagick
  rspec

BUNDLED WITH
   1.13.7
